GEM
  remote: https://rubygems.org/
  specs:
    addressable (2.3.5)
    ebnf (0.3.1)
      rdf
      sxp
    json (1.7.7)
    rack (1.5.2)
    rack-protection (1.5.0)
      rack
    rdf (1.0.7)
      addressable (>= 2.2)
    rdf-turtle (1.0.9)
      ebnf (>= 0.3.0)
      rdf (>= 1.0.7)
    sinatra (1.4.3)
      rack (~> 1.4)
      rack-protection (~> 1.4)
      tilt (~> 1.3, >= 1.3.4)
    sxp (0.1.3)
      json (>= 1.1.1)
    tilt (1.4.1)

PLATFORMS
  ruby

DEPENDENCIES
  rdf-turtle
  sinatra
