GEM
  remote: https://rubygems.org/
  specs:
    active_support (3.0.0)
      activesupport (= 3.0.0)
    activesupport (3.0.0)
    charlock_holmes (0.6.9.4)
    daemon_controller (1.1.1)
    faraday (0.8.5)
      multipart-post (~> 1.1)
    fastthread (1.0.7)
    georuby (2.0.0)
    i18n (0.6.2)
    logger (1.2.8)
    multipart-post (1.1.5)
    passenger (3.0.19)
      daemon_controller (>= 1.0.0)
      fastthread (>= 1.0.1)
      rack
      rake (>= 0.8.1)
    pg (0.14.1)
    rack (1.5.2)
    rack-protection (1.3.2)
      rack
    rake (10.0.3)
    rgeo (0.3.20)
    rgeo-geojson (0.2.3)
      rgeo (>= 0.3.7)
    sequel (3.44.0)
    sinatra (1.3.5)
      rack (~> 1.4)
      rack-protection (~> 1.3)
      tilt (~> 1.3, >= 1.3.3)
    sinatra-sequel (0.9.0)
      sequel (>= 3.2.0)
      sinatra (>= 0.9.4)
    sinatra-session (1.0.0)
      sinatra (>= 1.0)
    tilt (1.3.3)

PLATFORMS
  ruby

DEPENDENCIES
  active_support
  charlock_holmes
  faraday
  georuby
  i18n
  logger
  passenger
  pg
  rgeo
  rgeo-geojson
  sequel
  sinatra
  sinatra-sequel
  sinatra-session
